PATH
  remote: ..
  specs:
    qingstor-sdk (2.4.0)
      activesupport (> 4.2.7)
      mimemagic (~> 0.3.2)
      net-http-persistent (>= 3.1, < 4.1)

GEM
  remote: https://rubygems.org/
  specs:
    activesupport (6.1.1)
      concurrent-ruby (~> 1.0, >= 1.0.2)
      i18n (>= 1.6, < 2)
      minitest (>= 5.1)
      tzinfo (~> 2.0)
      zeitwerk (~> 2.3)
    builder (3.2.4)
    concurrent-ruby (1.1.8)
    connection_pool (2.2.3)
    cucumber (2.4.0)
      builder (>= 2.1.2)
      cucumber-core (~> 1.5.0)
      cucumber-wire (~> 0.0.1)
      diff-lcs (>= 1.1.3)
      gherkin (~> 4.0)
      multi_json (>= 1.7.5, < 2.0)
      multi_test (>= 0.1.2)
    cucumber-core (1.5.0)
      gherkin (~> 4.0)
    cucumber-wire (0.0.1)
    diff-lcs (1.4.4)
    gherkin (4.1.3)
    i18n (1.8.8)
      concurrent-ruby (~> 1.0)
    mimemagic (0.3.5)
    minitest (5.14.3)
    multi_json (1.15.0)
    multi_test (0.1.2)
    net-http-persistent (4.0.1)
      connection_pool (~> 2.2)
    tzinfo (2.0.4)
      concurrent-ruby (~> 1.0)
    zeitwerk (2.4.2)

PLATFORMS
  ruby

DEPENDENCIES
  cucumber (~> 2.4.0)
  qingstor-sdk!

BUNDLED WITH
   2.1.4
